PATH
  remote: .
  specs:
    bbc10 (1.0.0)

GEM
  remote: https://rubygems.org/
  specs:
    ansi (1.5.0)
    builder (3.2.3)
    mini_portile2 (2.4.0)
    minitest (5.11.3)
    minitest-reporters (1.2.0)
      ansi
      builder
      minitest (>= 5.0)
      ruby-progressbar
    nokogiri (1.10.3)
      mini_portile2 (~> 2.4.0)
    rake (10.5.0)
    ruby-progressbar (1.10.1)

PLATFORMS
  ruby

DEPENDENCIES
  bbc10!
  bundler (~> 1.17)
  minitest (~> 5.0)
  minitest-reporters (= 1.2.0)
  nokogiri
  rake (~> 10.0)

BUNDLED WITH
   1.17.2
