PATH
  remote: .
  specs:
    bbc10 (1.0.0)

GEM
  remote: https://rubygems.org/
  specs:
    mini_portile2 (2.4.0)
    minitest (5.11.3)
    nokogiri (1.10.3)
      mini_portile2 (~> 2.4.0)
    rake (10.5.0)

PLATFORMS
  ruby

DEPENDENCIES
  bbc10!
  bundler (~> 1.17)
  minitest (~> 5.0)
  nokogiri
  rake (~> 10.0)

BUNDLED WITH
   1.17.2
