PATH
  remote: .
  specs:
    bbc10 (1.0.5)

GEM
  remote: https://rubygems.org/
  specs:
    ansi (1.5.0)
    builder (3.2.3)
    mini_portile2 (2.4.0)
    minitest (5.11.3)
    minitest-reporters (1.2.0)
      ansi
      builder
      minitest (>= 5.0)
      ruby-progressbar
    nokogiri (1.10.3)
      mini_portile2 (~> 2.4.0)
    ruby-progressbar (1.10.1)

PLATFORMS
  ruby

DEPENDENCIES
  bbc10!
  minitest-reporters (= 1.2.0)
  nokogiri

BUNDLED WITH
   1.17.2
